GEM
  remote: https://rubygems.org/
  specs:
    faraday (0.10.1)
      multipart-post (>= 1.2, < 3)
    hashie (3.4.6)
    jwt (1.5.6)
    multi_json (1.12.1)
    multi_xml (0.6.0)
    multipart-post (2.0.0)
    mustache (1.0.3)
    mysql (2.9.1)
    oauth2 (1.3.0)
      faraday (>= 0.8, < 0.11)
      jwt (~> 1.0)
      multi_json (~> 1.3)
      multi_xml (~> 0.5)
      rack (>= 1.2, < 3)
    omniauth (1.3.2)
      hashie (>= 1.2, < 4)
      rack (>= 1.0, < 3)
    omniauth-google-oauth2 (0.4.1)
      jwt (~> 1.5.2)
      multi_json (~> 1.3)
      omniauth (>= 1.1.1)
      omniauth-oauth2 (>= 1.3.1)
    omniauth-oauth2 (1.4.0)
      oauth2 (~> 1.0)
      omniauth (~> 1.2)
    pg (0.20.0)
    puma (3.8.2)
    rack (2.0.1)
    roda (2.22.0)
      rack
    rubyzip (1.2.0)
    sequel (4.42.1)
    sqlite3 (1.3.13)

PLATFORMS
  ruby

DEPENDENCIES
  mustache
  mysql
  omniauth
  omniauth-google-oauth2
  pg
  puma
  roda
  rubyzip
  sequel
  sqlite3

RUBY VERSION
   ruby 2.2.7p470

BUNDLED WITH
   1.14.6
