GEM
  remote: https://rubygems.org/
  specs:
    daemons (1.2.4)
    eventmachine (1.2.1)
    faraday (0.10.1)
      multipart-post (>= 1.2, < 3)
    foreman (0.83.0)
      thor (~> 0.19.1)
    hashie (3.4.6)
    jwt (1.5.6)
    multi_json (1.12.1)
    multi_xml (0.6.0)
    multipart-post (2.0.0)
    mustache (1.0.3)
    mysql (2.9.1)
    oauth2 (1.3.0)
      faraday (>= 0.8, < 0.11)
      jwt (~> 1.0)
      multi_json (~> 1.3)
      multi_xml (~> 0.5)
      rack (>= 1.2, < 3)
    omniauth (1.3.2)
      hashie (>= 1.2, < 4)
      rack (>= 1.0, < 3)
    omniauth-google-oauth2 (0.4.1)
      jwt (~> 1.5.2)
      multi_json (~> 1.3)
      omniauth (>= 1.1.1)
      omniauth-oauth2 (>= 1.3.1)
    omniauth-oauth2 (1.4.0)
      oauth2 (~> 1.0)
      omniauth (~> 1.2)
    pg (0.20.0)
    rack (2.0.1)
    roda (2.22.0)
      rack
    rubyzip (1.2.0)
    sequel (4.42.1)
    sqlite3 (1.3.13)
    thin (1.7.0)
      daemons (~> 1.0, >= 1.0.9)
      eventmachine (~> 1.0, >= 1.0.4)
      rack (>= 1, < 3)
    thor (0.19.4)

PLATFORMS
  ruby

DEPENDENCIES
  foreman
  mustache
  mysql
  omniauth
  omniauth-google-oauth2
  pg
  roda
  rubyzip
  sequel
  sqlite3
  thin

BUNDLED WITH
   1.13.7
