GEM
  remote: https://rubygems.org/
  specs:
    faraday (0.12.2)
      multipart-post (>= 1.2, < 3)
    hashie (3.5.7)
    jwt (1.5.6)
    multi_json (1.13.1)
    multi_xml (0.6.0)
    multipart-post (2.0.0)
    mustache (1.0.5)
    mysql2 (0.4.10)
    oauth2 (1.4.0)
      faraday (>= 0.8, < 0.13)
      jwt (~> 1.0)
      multi_json (~> 1.3)
      multi_xml (~> 0.5)
      rack (>= 1.2, < 3)
    omniauth (1.8.1)
      hashie (>= 3.4.6, < 3.6.0)
      rack (>= 1.6.2, < 3)
    omniauth-google-oauth2 (0.5.3)
      jwt (>= 1.5)
      omniauth (>= 1.1.1)
      omniauth-oauth2 (>= 1.5)
    omniauth-oauth2 (1.5.0)
      oauth2 (~> 1.1)
      omniauth (~> 1.2)
    pdf-core (0.7.0)
    pg (1.0.0)
    prawn (2.2.2)
      pdf-core (~> 0.7.0)
      ttfunk (~> 1.5)
    prawn-table (0.2.2)
      prawn (>= 1.3.0, < 3.0.0)
    puma (3.11.2)
    rack (2.0.4)
    roda (3.4.0)
      rack
    rubyzip (1.2.1)
    sequel (5.5.0)
    sqlite3 (1.3.13)
    ttfunk (1.5.1)

PLATFORMS
  ruby

DEPENDENCIES
  mustache
  mysql2
  omniauth
  omniauth-google-oauth2
  pg
  prawn
  prawn-table
  puma
  roda
  rubyzip
  sequel
  sqlite3

RUBY VERSION
   ruby 2.2.7p470

BUNDLED WITH
   1.14.6
